GEM
  remote: http://rubygems.org/
  remote: http://gemcutter.org/
  specs:
    actionmailer (2.3.5)
      actionpack (= 2.3.5)
    actionpack (2.3.5)
      activesupport (= 2.3.5)
      rack (~> 1.0.0)
    activerecord (2.3.5)
      activesupport (= 2.3.5)
    activeresource (2.3.5)
      activesupport (= 2.3.5)
    activesupport (2.3.5)
    chunky_png (1.2.1)
    cocaine (0.2.0)
    color (1.4.1)
    compass (0.11.5)
      chunky_png (~> 1.2)
      fssm (>= 0.2.7)
      sass (~> 3.1)
    fssm (0.2.7)
    haml (3.1.2)
    hoe (2.12.2)
      rake (~> 0.8)
    mime-types (1.16)
    net-ldap (0.2.2)
    paperclip (2.4.0)
      activerecord (>= 2.3.0)
      activesupport (>= 2.3.2)
      cocaine (>= 0.0.2)
      mime-types
    pdf-writer (1.1.8)
      color (>= 1.4.0)
      transaction-simple (~> 1.3)
    rack (1.0.1)
    rails (2.3.5)
      actionmailer (= 2.3.5)
      actionpack (= 2.3.5)
      activerecord (= 2.3.5)
      activeresource (= 2.3.5)
      activesupport (= 2.3.5)
      rake (>= 0.8.3)
    rake (0.9.2)
    sass (3.1.7)
    sqlite3 (1.3.4-x86-mingw32)
    tabs_on_rails (1.3.3)
    transaction-simple (1.4.0)
      hoe (>= 1.1.7)

PLATFORMS
  x86-mingw32

DEPENDENCIES
  compass
  haml
  net-ldap
  paperclip
  pdf-writer
  rails (= 2.3.5)
  sqlite3
  tabs_on_rails (= 1.3.3)
