GIT
  remote: git://github.com/tkt-opintovastaavat/kurli-ruby.git
  revision: b48f50b841115990a808530ad8ae0030f044a276
  specs:
    kurli (0.0.1)
      json

GIT
  remote: git://github.com/tkt-opintovastaavat/tko-aly-auth.git
  revision: 2467662670f82facd3c5c30130d4adacbccefd99
  specs:
    tko-aly-auth (0.0.1)
      rake

GEM
  remote: http://rubygems.org/
  specs:
    actionmailer (2.3.14)
      actionpack (= 2.3.14)
    actionpack (2.3.14)
      activesupport (= 2.3.14)
      rack (~> 1.1.0)
    activerecord (2.3.14)
      activesupport (= 2.3.14)
    activeresource (2.3.14)
      activesupport (= 2.3.14)
    activesupport (2.3.14)
    airbrake (3.0.9)
      activesupport
      builder
    babilu (0.2.2)
      lucy
    builder (3.0.0)
    capistrano (2.9.0)
      highline
      net-scp (>= 1.0.0)
      net-sftp (>= 2.0.0)
      net-ssh (>= 2.0.14)
      net-ssh-gateway (>= 1.1.0)
    capistrano-ext (1.2.1)
      capistrano (>= 1.0.0)
    chunky_png (1.2.5)
    cocaine (0.2.1)
    color (1.4.1)
    compass (0.11.7)
      chunky_png (~> 1.2)
      fssm (>= 0.2.7)
      sass (~> 3.1)
    cucumber (1.1.4)
      builder (>= 2.1.2)
      diff-lcs (>= 1.1.2)
      gherkin (~> 2.7.1)
      json (>= 1.4.6)
      term-ansicolor (>= 1.0.6)
    cucumber-rails (0.3.2)
      cucumber (>= 0.8.0)
    database_cleaner (0.7.1)
    diff-lcs (1.1.3)
    fssm (0.2.8.1)
    gherkin (2.7.6)
      json (>= 1.4.6)
    gherkin (2.7.6-x86-mingw32)
      json (>= 1.4.6)
    haml (3.1.4)
    highline (1.6.11)
    hoe (2.13.0)
      rake (~> 0.8)
    json (1.6.5)
    lucy (0.2.1)
    mime-types (1.17.2)
    net-ldap (0.2.2)
    net-scp (1.0.4)
      net-ssh (>= 1.99.1)
    net-sftp (2.0.5)
      net-ssh (>= 2.0.9)
    net-ssh (2.3.0)
    net-ssh-gateway (1.1.0)
      net-ssh (>= 1.99.1)
    nokogiri (1.5.0)
    nokogiri (1.5.0-x86-mingw32)
    paperclip (2.5.2)
      activerecord (>= 2.3.0)
      activesupport (>= 2.3.2)
      cocaine (>= 0.0.2)
      mime-types
    pdf-writer (1.1.8)
      color (>= 1.4.0)
      transaction-simple (~> 1.3)
    pg (0.12.2)
    pg (0.12.2-x86-mingw32)
    rack (1.1.3)
    rack-test (0.6.1)
      rack (>= 1.0)
    rails (2.3.14)
      actionmailer (= 2.3.14)
      actionpack (= 2.3.14)
      activerecord (= 2.3.14)
      activeresource (= 2.3.14)
      activesupport (= 2.3.14)
      rake (>= 0.8.3)
    rake (0.9.2.2)
    rdoc (3.12)
      json (~> 1.4)
    responds_to_parent (1.0.20091013)
    rspec (1.3.2)
    rspec-rails (1.3.4)
      rack (>= 1.0.0)
      rspec (~> 1.3.1)
    sass (3.1.12)
    tabs_on_rails (1.3.3)
    term-ansicolor (1.0.7)
    transaction-simple (1.4.0)
      hoe (>= 1.1.7)
    webrat (0.7.3)
      nokogiri (>= 1.2.0)
      rack (>= 1.0)
      rack-test (>= 0.5.3)

PLATFORMS
  ruby
  x86-mingw32

DEPENDENCIES
  airbrake
  babilu
  capistrano
  capistrano-ext
  compass
  cucumber
  cucumber-rails (= 0.3.2)
  database_cleaner
  haml
  kurli!
  lucy
  net-ldap
  paperclip
  pdf-writer
  pg
  rails (= 2.3.14)
  rake
  rdoc
  responds_to_parent
  rspec (= 1.3.2)
  rspec-rails (= 1.3.4)
  tabs_on_rails (= 1.3.3)
  tko-aly-auth!
  webrat
